PATH
  remote: ../../ecsypno/license-client
  specs:
    ecsypno-license-client (0.1.0)
      typhoeus (~> 1.4.0)

PATH
  remote: ../../qadron/cuboid
  specs:
    cuboid (0.2.13)
      awesome_print (= 1.9.2)
      bundler
      childprocess (~> 5.1.0)
      concurrent-ruby (~> 1.3.4)
      concurrent-ruby-ext (~> 1.3.4)
      msgpack (~> 1.7.5)
      puma (~> 6.5.0)
      rack (= 2.2.9)
      rack-test
      rubyzip (~> 2.4.1)
      sinatra (= 2.2.3)
      sinatra-contrib (= 2.2.3)
      sys-proctable (~> 1.3.0)
      toq (~> 0.1.0)
      vmstat (~> 2.3.1)

PATH
  remote: ../application
  specs:
    scnr-application (0.1.2)
      cuboid (~> 0.2)
      scnr-engine (~> 0.1)

PATH
  remote: ../engine
  specs:
    scnr-engine (0.1.2)
      addressable (= 2.8.7)
      bundler
      coderay (= 1.1.3)
      cuboid (~> 0.2)
      dsel
      http_parser.rb (= 0.8.0)
      loofah (= 2.24.0)
      nokogiri
      ox (= 2.14.19)
      pony (= 1.13.1)
      redcarpet (= 3.6.0)
      rouge (= 4.5.1)
      ruby-openai (~> 7.3.1)
      scnr
      scnr-introspector (~> 0.1)
      selenium-webdriver (= 4.9.0)
      thermite (~> 0)
      typhoeus (~> 1.4.1)
      watir (= 7.2.2)
      webrick (= 1.9.1)

PATH
  remote: ../introspector
  specs:
    scnr-introspector (0.3.1)

PATH
  remote: ../license-client
  specs:
    scnr-license-client (0.1.0)
      ecsypno-license-client (~> 0.1.0)

PATH
  remote: ../scnr
  specs:
    scnr (1.7.2)

GEM
  remote: https://rubygems.org/
  specs:
    ace-rails-ap (4.5)
    action-cable-testing (0.6.1)
      actioncable (>= 5.0)
    actioncable (7.0.4.3)
      actionpack (= 7.0.4.3)
      activesupport (= 7.0.4.3)
      nio4r (~> 2.0)
      websocket-driver (>= 0.6.1)
    actionmailbox (7.0.4.3)
      actionpack (= 7.0.4.3)
      activejob (= 7.0.4.3)
      activerecord (= 7.0.4.3)
      activestorage (= 7.0.4.3)
      activesupport (= 7.0.4.3)
      mail (>= 2.7.1)
      net-imap
      net-pop
      net-smtp
    actionmailer (7.0.4.3)
      actionpack (= 7.0.4.3)
      actionview (= 7.0.4.3)
      activejob (= 7.0.4.3)
      activesupport (= 7.0.4.3)
      mail (~> 2.5, >= 2.5.4)
      net-imap
      net-pop
      net-smtp
      rails-dom-testing (~> 2.0)
    actionpack (7.0.4.3)
      actionview (= 7.0.4.3)
      activesupport (= 7.0.4.3)
      rack (~> 2.0, >= 2.2.0)
      rack-test (>= 0.6.3)
      rails-dom-testing (~> 2.0)
      rails-html-sanitizer (~> 1.0, >= 1.2.0)
    actiontext (7.0.4.3)
      actionpack (= 7.0.4.3)
      activerecord (= 7.0.4.3)
      activestorage (= 7.0.4.3)
      activesupport (= 7.0.4.3)
      globalid (>= 0.6.0)
      nokogiri (>= 1.8.5)
    actionview (7.0.4.3)
      activesupport (= 7.0.4.3)
      builder (~> 3.1)
      erubi (~> 1.4)
      rails-dom-testing (~> 2.0)
      rails-html-sanitizer (~> 1.1, >= 1.2.0)
    activejob (7.0.4.3)
      activesupport (= 7.0.4.3)
      globalid (>= 0.3.6)
    activemodel (7.0.4.3)
      activesupport (= 7.0.4.3)
    activerecord (7.0.4.3)
      activemodel (= 7.0.4.3)
      activesupport (= 7.0.4.3)
    activestorage (7.0.4.3)
      actionpack (= 7.0.4.3)
      activejob (= 7.0.4.3)
      activerecord (= 7.0.4.3)
      activesupport (= 7.0.4.3)
      marcel (~> 1.0)
      mini_mime (>= 1.1.0)
    activesupport (7.0.4.3)
      concurrent-ruby (~> 1.0, >= 1.0.2)
      i18n (>= 1.6, < 2)
      minitest (>= 5.1)
      tzinfo (~> 2.0)
    addressable (2.8.7)
      public_suffix (>= 2.0.2, < 7.0)
    autoprefixer-rails (10.4.19.0)
      execjs (~> 2)
    awesome_print (1.9.2)
    base64 (0.2.0)
    bcrypt (3.1.20)
    better_errors (2.10.1)
      erubi (>= 1.0.0)
      rack (>= 0.9.0)
      rouge (>= 1.0.0)
    bigdecimal (3.1.9)
    binding_of_caller (1.0.1)
      debug_inspector (>= 1.2.0)
    bootstrap (5.3.3)
      autoprefixer-rails (>= 9.1.0)
      popper_js (>= 2.11.8, < 3)
    builder (3.3.0)
    bullet (8.0.0)
      activesupport (>= 3.0.0)
      uniform_notifier (~> 1.11)
    byebug (11.1.3)
    capybara (3.39.2)
      addressable
      matrix
      mini_mime (>= 0.1.3)
      nokogiri (~> 1.8)
      rack (>= 1.6.0)
      rack-test (>= 0.6.3)
      regexp_parser (>= 1.5, < 3.0)
      xpath (~> 3.2)
    childprocess (5.1.0)
      logger (~> 1.5)
    closure-compiler (1.1.14)
    coderay (1.1.3)
    coffee-rails (5.0.0)
      coffee-script (>= 2.2.0)
      railties (>= 5.2.0)
    coffee-script (2.4.1)
      coffee-script-source
      execjs
    coffee-script-source (1.12.2)
    concurrent-ruby (1.3.4)
    concurrent-ruby-ext (1.3.4)
      concurrent-ruby (= 1.3.4)
    crass (1.0.6)
    d3-rails (3.5.16)
      railties (>= 3.1)
    database_cleaner (2.1.0)
      database_cleaner-active_record (>= 2, < 3)
    database_cleaner-active_record (2.2.0)
      activerecord (>= 5.a)
      database_cleaner-core (~> 2.0.0)
    database_cleaner-core (2.0.1)
    date (3.4.1)
    debug_inspector (1.2.0)
    devise (4.9.4)
      bcrypt (~> 3.0)
      orm_adapter (~> 0.1)
      railties (>= 4.1.0)
      responders
      warden (~> 1.2.3)
    diff-lcs (1.5.1)
    diffy (3.4.3)
    dotiw (5.3.3)
      activesupport
      i18n
    dsel (0.1.0)
    erubi (1.13.1)
    ethon (0.16.0)
      ffi (>= 1.15.0)
    event_stream_parser (1.0.0)
    execjs (2.10.0)
    factory_girl (4.9.0)
      activesupport (>= 3.0.0)
    factory_girl_rails (4.9.0)
      factory_girl (~> 4.9.0)
      railties (>= 3.0.0)
    faker (3.4.2)
      i18n (>= 1.8.11, < 2)
    faraday (2.8.1)
      base64
      faraday-net_http (>= 2.0, < 3.1)
      ruby2_keywords (>= 0.0.4)
    faraday-multipart (1.1.0)
      multipart-post (~> 2.0)
    faraday-net_http (3.0.2)
    ffi (1.17.1-x86_64-linux-gnu)
    font-awesome-sass (6.7.2)
      sassc (~> 2.0)
    font-kit-rails (1.2.0)
      rails
    globalid (1.2.1)
      activesupport (>= 6.1)
    http_parser.rb (0.8.0)
    i18n (1.14.6)
      concurrent-ruby (~> 1.0)
    jbuilder (2.13.0)
      actionview (>= 5.0.0)
      activesupport (>= 5.0.0)
    jquery-rails (4.6.0)
      rails-dom-testing (>= 1, < 3)
      railties (>= 4.2.0)
      thor (>= 0.14, < 2.0)
    json (1.8.6)
    launchy (3.0.1)
      addressable (~> 2.8)
      childprocess (~> 5.0)
    listen (3.9.0)
      rb-fsevent (~> 0.10, >= 0.10.3)
      rb-inotify (~> 0.9, >= 0.9.10)
    logger (1.6.5)
    loofah (2.24.0)
      crass (~> 1.0.2)
      nokogiri (>= 1.12.0)
    mail (2.8.1)
      mini_mime (>= 0.1.1)
      net-imap
      net-pop
      net-smtp
    marcel (1.0.4)
    matrix (0.4.2)
    method_source (1.1.0)
    mini_mime (1.1.5)
    mini_portile2 (2.8.8)
    minitar (0.12.1)
    minitest (5.25.4)
    msgpack (1.7.5)
    multi_json (1.15.0)
    multipart-post (2.4.1)
    mustermann (2.0.2)
      ruby2_keywords (~> 0.0.1)
    net-imap (0.4.18)
      date
      net-protocol
    net-pop (0.1.2)
      net-protocol
    net-protocol (0.2.2)
      timeout
    net-smtp (0.5.0)
      net-protocol
    nio4r (2.7.4)
    nokogiri (1.15.7-x86_64-linux)
      racc (~> 1.4)
    oj (3.16.9)
      bigdecimal (>= 3.0)
      ostruct (>= 0.2)
    oj_mimic_json (1.0.1)
    orm_adapter (0.5.0)
    ostruct (0.6.1)
    ox (2.14.19)
      bigdecimal (>= 3.0)
    paper_trail (14.0.0)
      activerecord (>= 6.0)
      request_store (~> 1.4)
    parse-cron (0.1.4)
    pg (1.5.9)
    pony (1.13.1)
      mail (>= 2.0)
    popper_js (2.11.8)
    pry (0.14.2)
      coderay (~> 1.1)
      method_source (~> 1.0)
    pry-byebug (3.10.1)
      byebug (~> 11.0)
      pry (>= 0.13, < 0.15)
    public_suffix (5.1.1)
    puma (6.5.0)
      nio4r (~> 2.0)
    racc (1.8.1)
    rack (2.2.9)
    rack-protection (2.2.3)
      rack
    rack-proxy (0.7.7)
      rack
    rack-test (2.2.0)
      rack (>= 1.3)
    rails (7.0.4.3)
      actioncable (= 7.0.4.3)
      actionmailbox (= 7.0.4.3)
      actionmailer (= 7.0.4.3)
      actionpack (= 7.0.4.3)
      actiontext (= 7.0.4.3)
      actionview (= 7.0.4.3)
      activejob (= 7.0.4.3)
      activemodel (= 7.0.4.3)
      activerecord (= 7.0.4.3)
      activestorage (= 7.0.4.3)
      activesupport (= 7.0.4.3)
      bundler (>= 1.15.0)
      railties (= 7.0.4.3)
    rails-dom-testing (2.2.0)
      activesupport (>= 5.0.0)
      minitest
      nokogiri (>= 1.6)
    rails-html-sanitizer (1.6.2)
      loofah (~> 2.21)
      nokogiri (>= 1.15.7, != 1.16.7, != 1.16.6, != 1.16.5, != 1.16.4, != 1.16.3, != 1.16.2, != 1.16.1, != 1.16.0.rc1, != 1.16.0)
    rails_layout (1.0.42)
    railties (7.0.4.3)
      actionpack (= 7.0.4.3)
      activesupport (= 7.0.4.3)
      method_source
      rake (>= 12.2)
      thor (~> 1.0)
      zeitwerk (~> 2.5)
    rake (13.2.1)
    raktr (0.0.3)
    rb-fsevent (0.11.2)
    rb-inotify (0.11.1)
      ffi (~> 1.0)
    rdoc (4.3.0)
    redcarpet (3.6.0)
    regexp_parser (2.10.0)
    request_store (1.7.0)
      rack (>= 1.4)
    responders (3.1.1)
      actionpack (>= 5.2)
      railties (>= 5.2)
    rexml (3.4.0)
    rouge (4.5.1)
    rspec-core (3.13.2)
      rspec-support (~> 3.13.0)
    rspec-expectations (3.13.3)
      diff-lcs (>= 1.2.0, < 2.0)
      rspec-support (~> 3.13.0)
    rspec-mocks (3.13.2)
      diff-lcs (>= 1.2.0, < 2.0)
      rspec-support (~> 3.13.0)
    rspec-rails (7.1.0)
      actionpack (>= 7.0)
      activesupport (>= 7.0)
      railties (>= 7.0)
      rspec-core (~> 3.13)
      rspec-expectations (~> 3.13)
      rspec-mocks (~> 3.13)
      rspec-support (~> 3.13)
    rspec-support (3.13.2)
    ruby-openai (7.3.1)
      event_stream_parser (>= 0.3.0, < 2.0.0)
      faraday (>= 1)
      faraday-multipart (>= 1)
    ruby2_keywords (0.0.5)
    rubyzip (2.4.1)
    sass-rails (6.0.0)
      sassc-rails (~> 2.1, >= 2.1.1)
    sassc (2.4.0)
      ffi (~> 1.9)
    sassc-rails (2.1.2)
      railties (>= 4.0.0)
      sassc (>= 2.0)
      sprockets (> 3.0)
      sprockets-rails
      tilt
    sdoc (0.4.2)
      json (~> 1.7, >= 1.7.7)
      rdoc (~> 4.0)
    selenium-webdriver (4.9.0)
      rexml (~> 3.2, >= 3.2.5)
      rubyzip (>= 1.2.2, < 3.0)
      websocket (~> 1.0)
    semantic_range (3.1.0)
    shoulda (4.0.0)
      shoulda-context (~> 2.0)
      shoulda-matchers (~> 4.0)
    shoulda-context (2.0.0)
    shoulda-matchers (4.5.1)
      activesupport (>= 4.2.0)
    simple_form (5.3.1)
      actionpack (>= 5.2)
      activemodel (>= 5.2)
    sinatra (2.2.3)
      mustermann (~> 2.0)
      rack (~> 2.2)
      rack-protection (= 2.2.3)
      tilt (~> 2.0)
    sinatra-contrib (2.2.3)
      multi_json
      mustermann (~> 2.0)
      rack-protection (= 2.2.3)
      sinatra (= 2.2.3)
      tilt (~> 2.0)
    spring (4.2.1)
    sprockets (4.2.1)
      concurrent-ruby (~> 1.0)
      rack (>= 2.2.4, < 4)
    sprockets-rails (3.5.2)
      actionpack (>= 6.1)
      activesupport (>= 6.1)
      sprockets (>= 3.0.0)
    sqlite3 (1.7.3)
      mini_portile2 (~> 2.8.0)
    sys-proctable (1.3.0)
      ffi (~> 1.1)
    thermite (0.13.0)
      minitar (~> 0.5)
      rake (>= 10)
      tomlrb (~> 1.2)
    thor (1.3.2)
    tilt (2.6.0)
    timeout (0.4.3)
    tomlrb (1.3.0)
    toq (0.1.0)
      raktr (~> 0.0.1)
    turbo-rails (2.0.11)
      actionpack (>= 6.0.0)
      railties (>= 6.0.0)
    typhoeus (1.4.1)
      ethon (>= 0.9.0)
    tzinfo (2.0.6)
      concurrent-ruby (~> 1.0)
    uniform_notifier (1.16.0)
    vmstat (2.3.1)
    warden (1.2.9)
      rack (>= 2.0.9)
    watir (7.2.2)
      regexp_parser (>= 1.2, < 3)
      selenium-webdriver (~> 4.2)
    webpacker (5.4.4)
      activesupport (>= 5.2)
      rack-proxy (>= 0.6.1)
      railties (>= 5.2)
      semantic_range (>= 2.3.0)
    webrick (1.9.1)
    websocket (1.2.11)
    websocket-driver (0.7.7)
      base64
      websocket-extensions (>= 0.1.0)
    websocket-extensions (0.1.5)
    xpath (3.2.0)
      nokogiri (~> 1.8)
    zeitwerk (2.6.18)

PLATFORMS
  x86_64-linux

DEPENDENCIES
  ace-rails-ap
  action-cable-testing (~> 0.6.1)
  awesome_print
  better_errors
  binding_of_caller
  bootstrap (~> 5.2, >= 5.2.3)
  bullet
  capybara
  closure-compiler
  coderay
  coffee-rails
  cuboid!
  d3-rails (= 3.5.16)
  database_cleaner
  devise
  diffy
  dotiw
  ecsypno-license-client!
  factory_girl_rails
  faker
  font-awesome-sass
  font-kit-rails
  jbuilder
  jquery-rails
  launchy
  listen
  loofah
  oj
  oj_mimic_json
  paper_trail
  parse-cron
  pg
  pry-byebug
  puma
  rails (= 7.0.4.3)
  rails_layout
  redcarpet
  rouge
  rspec-rails
  sass-rails
  scnr!
  scnr-application!
  scnr-engine!
  scnr-introspector!
  scnr-license-client!
  sdoc (~> 0.4.0)
  selenium-webdriver
  shoulda
  simple_form
  spring
  sprockets
  sqlite3
  sys-proctable
  turbo-rails
  vmstat
  webpacker

BUNDLED WITH
   2.4.22
